GEM
  remote: http://rubygems.org/
  specs:
    mail (2.6.1)
      mime-types (>= 1.16, < 3)
    mime-types (2.3)
    pony (1.9)
      mail (>= 2.0)
    rack (1.5.2)
    rack-protection (1.5.3)
      rack
    sinatra (1.4.5)
      rack (~> 1.4)
      rack-protection (~> 1.4)
      tilt (~> 1.3, >= 1.3.4)
    tilt (1.4.1)

PLATFORMS
  ruby

DEPENDENCIES
  pony
  sinatra
